{
	"TaskName": "imagery",
	"Manufacturer": "Compumedics Neuroscan",
	"PowerLineFrequency": 50.0,
	"SamplingFrequency": 1000.0,
	"SoftwareFilters": "n/a",
	"RecordingDuration": 777.159,
	"RecordingType": "continuous",
	"EEGReference": "left mastoid (M1)",
	"EEGGround": "n/a",
	"EEGPlacementScheme": "10-05 system",
	"EEGChannelCount": 62,
	"EOGChannelCount": 0,
	"ECGChannelCount": 0,
	"EMGChannelCount": 0,
	"TriggerChannelCount": 0,
	"ManufacturersModelName": "Neuroscan SynAmps2",
	"HardwareFilters": "n/a",
	"TaskDescription": "8-class multi-joint upper-limb MI. 8 blocks of 40 trials (5 per class), 320 total trials per subject. Trial duration: 4.0s, cue: 2.0s, imagery: 4.0s.",
	"Instructions": "n/a",
	"CogAtlasID": "https://www.cognitiveatlas.org/task/id/trm_4c8a834779883/",
	"InstitutionName": "Beijing University of Technology",
	"InstitutionAddress": "CN",
	"InstitutionalDepartmentName": "n/a",
	"CapManufacturer": "n/a",
	"CapManufacturersModelName": "n/a",
	"SubjectArtefactDescription": "n/a",
	"DeviceSerialNumber": "n/a",
	"Description": "EEG recording.",
	"MISCChannelCount": 0
}